GEM
  remote: http://rubygems.org/
  specs:
    actionmailer (2.3.17)
      actionpack (= 2.3.17)
    actionpack (2.3.17)
      activesupport (= 2.3.17)
      rack (~> 1.1.0)
    activerecord (2.3.17)
      activesupport (= 2.3.17)
    activeresource (2.3.17)
      activesupport (= 2.3.17)
    activesupport (2.3.17)
    authlogic (2.1.9)
      activerecord (~> 2.3.0)
      activesupport (~> 2.3.0)
    aws-s3 (0.6.3)
      builder
      mime-types
      xml-simple
    builder (3.2.2)
    capybara (2.2.0)
      mime-types (>= 1.16)
      nokogiri (>= 1.3.3)
      rack (>= 1.0.0)
      rack-test (>= 0.5.4)
      xpath (~> 2.0)
    chardet (0.9.0)
    cucumber (1.3.10)
      builder (>= 2.1.2)
      diff-lcs (>= 1.1.3)
      gherkin (~> 2.12)
      multi_json (>= 1.7.5, < 2.0)
      multi_test (>= 0.0.2)
    cucumber-rails (1.3.0)
      capybara (>= 1.1.2)
      cucumber (>= 1.1.8)
      nokogiri (>= 1.5.0)
    diff-lcs (1.2.5)
    friendly_id (2.3.4)
      activerecord (>= 2.2)
      activesupport (>= 2.2)
    gherkin (2.12.2)
      multi_json (~> 1.3)
    haml (3.1.8)
    hoe (3.7.1)
      rake (>= 0.8, < 11.0)
    hpricot (0.8.6)
    html5 (0.10.0)
      chardet (>= 0.9.0)
      hoe (>= 1.2.0)
    json (1.8.1)
    mime-types (2.0)
    mini_portile (0.5.2)
    multi_json (1.8.2)
    multi_test (0.0.2)
    mysql2 (0.2.6)
    nokogiri (1.6.0)
      mini_portile (~> 0.5.0)
    rack (1.1.6)
    rack-test (0.6.2)
      rack (>= 1.0)
    rails (2.3.17)
      actionmailer (= 2.3.17)
      actionpack (= 2.3.17)
      activerecord (= 2.3.17)
      activeresource (= 2.3.17)
      activesupport (= 2.3.17)
      rake (>= 0.8.3)
    rake (10.1.0)
    rdoc (4.0.1)
      json (~> 1.4)
    resource_controller (0.6.6)
    rspec (1.3.2)
    rspec-rails (1.3.2)
      rack (>= 1.0.0)
      rspec (>= 1.3.0)
    simplecov (0.7.1)
      multi_json (~> 1.0)
      simplecov-html (~> 0.7.1)
    simplecov-html (0.7.1)
    test-unit (1.2.3)
      hoe (>= 1.5.1)
    unicode (0.4.4)
    webrat (0.7.3)
      nokogiri (>= 1.2.0)
      rack (>= 1.0)
      rack-test (>= 0.5.3)
    xml-simple (1.1.2)
    xpath (2.0.0)
      nokogiri (~> 1.3)
    xss_terminate (0.22)
      html5 (>= 0.10.0)

PLATFORMS
  ruby

DEPENDENCIES
  authlogic (= 2.1.9)
  aws-s3
  cucumber-rails
  friendly_id (= 2.3.4)
  haml (= 3.1.8)
  hpricot
  mysql2 (= 0.2.6)
  rails (= 2.3.17)
  rake
  rdoc
  resource_controller
  rspec (= 1.3.2)
  rspec-rails (= 1.3.2)
  simplecov
  test-unit (= 1.2.3)
  unicode
  webrat
  xss_terminate
